GIT
  remote: git://github.com/sinatra/sinatra.git
  revision: 5304467e1350257c368f4990a801572604a3b519
  specs:
    sinatra (1.3.1)
      rack (~> 1.3, >= 1.3.4)
      rack-protection (~> 1.1, >= 1.1.2)
      tilt (~> 1.3, >= 1.3.3)

GEM
  remote: http://rubygems.org/
  specs:
    haml (3.1.4)
    rack (1.3.5)
    rack-protection (1.1.4)
      rack
    tilt (1.3.3)

PLATFORMS
  ruby

DEPENDENCIES
  haml
  sinatra!
